GEM
  remote: https://rubygems.org/
  specs:
    maruku (0.6.0)
      syntax (>= 1.0.0)
    syntax (1.0.0)

PLATFORMS
  java

DEPENDENCIES
  maruku
