GEM
  remote: https://rubygems.org/
  specs:
    kramdown (0.13.7)

PLATFORMS
  java

DEPENDENCIES
  kramdown
